PATH
  remote: .
  specs:
    dixie_utils (0.0.3)

GEM
  remote: https://rubygems.org/
  specs:

PLATFORMS
  ruby

DEPENDENCIES
  dixie_utils!
